GEM
  remote: https://rubygems.org/
  specs:
    haml (5.0.4)
      temple (>= 0.8.0)
      tilt
    redcarpet (3.4.0)
    temple (0.8.0)
    tilt (2.0.8)

PLATFORMS
  ruby
  x86-mingw32

DEPENDENCIES
  haml
  redcarpet

RUBY VERSION
   ruby 2.4.1p111

BUNDLED WITH
   1.16.1
